PATH
  remote: .
  specs:
    net-http-ntlm (0.1.0)
      rubyntlm (~> 0.6)

GEM
  remote: https://rubygems.org/
  specs:
    bundler-audit (0.9.1)
      bundler (>= 1.2.0, < 3)
      thor (~> 1.0)
    codecov (0.2.12)
      json
      simplecov
    diff-lcs (1.5.0)
    docile (1.4.0)
    json (2.7.0)
    rake (13.1.0)
    rspec (3.12.0)
      rspec-core (~> 3.12.0)
      rspec-expectations (~> 3.12.0)
      rspec-mocks (~> 3.12.0)
    rspec-core (3.12.2)
      rspec-support (~> 3.12.0)
    rspec-expectations (3.12.3)
      diff-lcs (>= 1.2.0, < 2.0)
      rspec-support (~> 3.12.0)
    rspec-mocks (3.12.6)
      diff-lcs (>= 1.2.0, < 2.0)
      rspec-support (~> 3.12.0)
    rspec-support (3.12.1)
    rubyntlm (0.6.3)
    simplecov (0.22.0)
      docile (~> 1.1)
      simplecov-html (~> 0.11)
      simplecov_json_formatter (~> 0.1)
    simplecov-html (0.12.3)
    simplecov_json_formatter (0.1.4)
    thor (1.3.0)

PLATFORMS
  arm64-darwin-22

DEPENDENCIES
  bundler-audit (~> 0.9)
  codecov
  net-http-ntlm!
  rake (~> 13.0)
  rspec (~> 3.0)
  simplecov

BUNDLED WITH
   2.4.13
