PATH
  remote: .
  specs:
    net-http-ntlm (0.1.0)
      rubyntlm (~> 0.6)

GEM
  remote: https://rubygems.org/
  specs:
    bundler-audit (0.8.0)
      bundler (>= 1.2.0, < 3)
      thor (~> 1.0)
    codecov (0.5.2)
      simplecov (>= 0.15, < 0.22)
    diff-lcs (1.4.4)
    docile (1.4.0)
    rake (12.3.3)
    rspec (3.10.0)
      rspec-core (~> 3.10.0)
      rspec-expectations (~> 3.10.0)
      rspec-mocks (~> 3.10.0)
    rspec-core (3.10.1)
      rspec-support (~> 3.10.0)
    rspec-expectations (3.10.1)
      diff-lcs (>= 1.2.0, < 2.0)
      rspec-support (~> 3.10.0)
    rspec-mocks (3.10.2)
      diff-lcs (>= 1.2.0, < 2.0)
      rspec-support (~> 3.10.0)
    rspec-support (3.10.2)
    rubyntlm (0.6.3)
    simplecov (0.21.2)
      docile (~> 1.1)
      simplecov-html (~> 0.11)
      simplecov_json_formatter (~> 0.1)
    simplecov-html (0.12.3)
    simplecov_json_formatter (0.1.3)
    thor (1.1.0)

PLATFORMS
  ruby

DEPENDENCIES
  bundler-audit (~> 0.8)
  codecov
  net-http-ntlm!
  rake (~> 12.0)
  rspec (~> 3.0)
  simplecov

BUNDLED WITH
   2.1.4
